GEM
  remote: https://rubygems.org/
  specs:
    addressable (2.8.6)
      public_suffix (>= 2.0.2, < 6.0)
    ast (2.4.2)
    base64 (0.1.1)
    colorize (0.8.1)
    date (3.3.4)
    json (2.7.1)
    language_server-protocol (3.17.0.3)
    launchy (2.5.2)
      addressable (~> 2.8)
    ocra (1.3.11)
    open-uri (0.2.0)
      stringio
      time
      uri
    parallel (1.24.0)
    parser (3.3.0.5)
      ast (~> 2.4.1)
      racc
    public_suffix (5.0.4)
    racc (1.7.3)
    rainbow (3.1.1)
    regexp_parser (2.9.0)
    rexml (3.2.6)
    rubocop (1.60.2)
      json (~> 2.3)
      language_server-protocol (>= 3.17.0)
      parallel (~> 1.10)
      parser (>= 3.3.0.2)
      rainbow (>= 2.2.2, < 4.0)
      regexp_parser (>= 1.8, < 3.0)
      rexml (>= 3.2.5, < 4.0)
      rubocop-ast (>= 1.30.0, < 2.0)
      ruby-progressbar (~> 1.7)
      unicode-display_width (>= 2.4.0, < 3.0)
    rubocop-ast (1.30.0)
      parser (>= 3.2.1.0)
    ruby-progressbar (1.13.0)
    rufo (0.17.0)
    stringio (3.1.0)
    time (0.3.0)
      date
    unicode-display_width (2.5.0)
    uri (0.13.0)
    win32-shortcut (0.3.0)

PLATFORMS
  x64-mingw-ucrt
  x64-unknown
  x86_64-linux

DEPENDENCIES
  base64 (~> 0.1.1)
  colorize (~> 0.8.1)
  json (~> 2.6)
  launchy (~> 2.5)
  ocra (= 1.3.11)
  open-uri (~> 0.2.0)
  rubocop (~> 1.50)
  rufo (>= 0.13.0)
  win32-shortcut (~> 0.3.0)

RUBY VERSION
   ruby 3.1.2p20

BUNDLED WITH
   2.3.15
