GEM
  remote: https://rubygems.org/
  specs:
    addressable (2.8.6)
      public_suffix (>= 2.0.2, < 6.0)
    ast (2.4.2)
    base64 (0.2.0)
    childprocess (5.0.0)
    colorize (1.1.0)
    concurrent-ruby (1.2.3)
    date (3.3.4)
    i18n (1.14.4)
      concurrent-ruby (~> 1.0)
    json (2.7.2)
    language_server-protocol (3.17.0.3)
    launchy (3.0.0)
      addressable (~> 2.8)
      childprocess (~> 5.0)
    ocran (1.3.15)
    open-uri (0.4.1)
      stringio
      time
      uri
    openssl (3.1.0)
    parallel (1.24.0)
    parser (3.3.0.5)
      ast (~> 2.4.1)
      racc
    public_suffix (5.0.5)
    racc (1.7.3)
    rainbow (3.1.1)
    regexp_parser (2.9.0)
    rexml (3.2.6)
    rubocop (1.63.1)
      json (~> 2.3)
      language_server-protocol (>= 3.17.0)
      parallel (~> 1.10)
      parser (>= 3.3.0.2)
      rainbow (>= 2.2.2, < 4.0)
      regexp_parser (>= 1.8, < 3.0)
      rexml (>= 3.2.5, < 4.0)
      rubocop-ast (>= 1.31.1, < 2.0)
      ruby-progressbar (~> 1.7)
      unicode-display_width (>= 2.4.0, < 3.0)
    rubocop-ast (1.31.2)
      parser (>= 3.3.0.4)
    ruby-progressbar (1.13.0)
    stringio (3.1.0)
    time (0.3.0)
      date
    unicode-display_width (2.5.0)
    uri (0.13.0)
    win32-shortcut (0.3.0)

PLATFORMS
  x64-mingw-ucrt
  x64-unknown
  x86_64-linux

DEPENDENCIES
  base64 (~> 0.2)
  colorize (~> 1.1)
  i18n (~> 1.14)
  json (~> 2.7)
  launchy (= 3.0.0)
  ocran (= 1.3.15)
  open-uri (~> 0.4.1)
  openssl (= 3.1.0)
  rubocop (~> 1.63)
  win32-shortcut (~> 0.3.0)

RUBY VERSION
   ruby 3.2.3p157

BUNDLED WITH
   2.4.19
